GEM
  remote: https://rubygems.org/
  specs:
    colorize (0.8.1)
    concurrent-ruby (1.2.2)
    concurrent-ruby-ext (1.2.2)
      concurrent-ruby (= 1.2.2)
    terminal-table (3.0.2)
      unicode-display_width (>= 1.1.1, < 3)
    unicode-display_width (2.4.2)

PLATFORMS
  x86_64-linux

DEPENDENCIES
  colorize (~> 0.8)
  concurrent-ruby (~> 1.2)
  concurrent-ruby-ext (~> 1.2)
  terminal-table (~> 3.0.1)

RUBY VERSION
   ruby 3.0.5p211

BUNDLED WITH
   2.4.8
